GEM
  remote: https://rubygems.org/
  specs:
    bagit (0.4.4)
      docopt (~> 0.5.0)
      validatable (~> 1.6)
    coderay (1.1.3)
    curb (1.0.1)
    ddr-antivirus (3.0.0)
    digest (3.1.0)
    docopt (0.5.0)
    json (2.6.2)
    method_source (1.0.0)
    mime-types (3.4.1)
      mime-types-data (~> 3.2015)
    mime-types-data (3.2022.0105)
    mini_portile2 (2.8.0)
    mysql2 (0.5.4)
    nokogiri (1.13.8)
      mini_portile2 (~> 2.8.0)
      racc (~> 1.4)
    openstack (3.3.21)
      json
    pry (0.14.1)
      coderay (~> 1.1)
      method_source (~> 1.0)
    racc (1.6.0)
    slop (3.6.0)
    validatable (1.6.7)

PLATFORMS
  ruby

DEPENDENCIES
  bagit
  curb
  ddr-antivirus
  digest
  mime-types
  mysql2
  nokogiri
  openstack
  pry
  slop (~> 3.0)
  validatable

BUNDLED WITH
   1.17.3
